GEM
  remote: https://rubygems.org/
  specs:
    activesupport (5.2.1)
      concurrent-ruby (~> 1.0, >= 1.0.2)
      i18n (>= 0.7, < 2)
      minitest (~> 5.1)
      tzinfo (~> 1.1)
    backports (3.11.4)
    byebug (10.0.2)
    coderay (1.1.2)
    concurrent-ruby (1.0.5)
    daemons (1.3.1)
    eventmachine (1.2.7)
    foreman (0.87.2)
    geckorate (0.1.2)
    hashie (5.0.0)
    i18n (1.1.1)
      concurrent-ruby (~> 1.0)
    jwt (2.1.0)
    method_source (0.9.0)
    minitest (5.11.3)
    multi_json (1.13.1)
    mustermann (1.0.3)
    oauth (1.1.0)
      oauth-tty (~> 1.0, >= 1.0.1)
      snaky_hash (~> 2.0)
      version_gem (~> 1.1)
    oauth-tty (1.0.2)
      version_gem (~> 1.1)
    omniauth (2.1.0)
      hashie (>= 3.4.6)
      rack (>= 2.2.3)
      rack-protection
    omniauth-oauth (1.2.0)
      oauth
      omniauth (>= 1.0, < 3)
    omniauth-twitter (1.4.0)
      omniauth-oauth (~> 1.1)
      rack
    pg (1.1.3)
    pry (0.11.3)
      coderay (~> 1.1.0)
      method_source (~> 0.9.0)
    rack (2.2.4)
    rack-protection (2.0.4)
      rack
    rack-test (1.1.0)
      rack (>= 1.0, < 3)
    rake (12.3.3)
    sequel (5.13.0)
    shotgun (0.9.2)
      rack (>= 1.0)
    sinatra (2.0.4)
      mustermann (~> 1.0)
      rack (~> 2.0)
      rack-protection (= 2.0.4)
      tilt (~> 2.0)
    sinatra-contrib (2.0.4)
      activesupport (>= 4.0.0)
      backports (>= 2.8.2)
      multi_json
      mustermann (~> 1.0)
      rack-protection (= 2.0.4)
      sinatra (= 2.0.4)
      tilt (>= 1.3, < 3)
    sinatra-cross_origin (0.3.2)
    snaky_hash (2.0.0)
      hashie
      version_gem (~> 1.1)
    thin (1.7.2)
      daemons (~> 1.0, >= 1.0.9)
      eventmachine (~> 1.0, >= 1.0.4)
      rack (>= 1, < 3)
    thread_safe (0.3.6)
    tilt (2.0.8)
    tzinfo (1.2.5)
      thread_safe (~> 0.1)
    version_gem (1.1.0)

PLATFORMS
  ruby

DEPENDENCIES
  byebug
  foreman
  geckorate
  jwt
  minitest
  omniauth-twitter
  pg
  pry
  rack-test
  rake
  sequel
  shotgun
  sinatra
  sinatra-contrib
  sinatra-cross_origin (~> 0.3.1)
  thin

RUBY VERSION
   ruby 2.7.0p0

BUNDLED WITH
   2.1.4
